GEM
  remote: https://rubygems.org/
  specs:
    nio4r (2.7.4)
    puma (6.4.3)
      nio4r (~> 2.0)

PLATFORMS
  ruby
  x86_64-darwin-22
  x86_64-linux

DEPENDENCIES
  puma

RUBY VERSION
   ruby 3.2.2p53

BUNDLED WITH
   2.5.18
