GEM
  remote: https://rubygems.org/
  specs:
    pg (1.5.9)

PLATFORMS
  arm64-darwin-24

DEPENDENCIES
  pg

BUNDLED WITH
   2.4.10
