GEM
  specs:
    webrick (1.9.0)

PLATFORMS
  arm64-darwin-24
  ruby

DEPENDENCIES
  webrick

BUNDLED WITH
   2.5.18
